PATH
  remote: .
  specs:
    nagios_check (0.3.0)

GEM
  remote: http://rubygems.org/
  specs:
    diff-lcs (1.2.5)
    rake (10.4.2)
    rspec (2.14.1)
      rspec-core (~> 2.14.0)
      rspec-expectations (~> 2.14.0)
      rspec-mocks (~> 2.14.0)
    rspec-core (2.14.8)
    rspec-expectations (2.14.5)
      diff-lcs (>= 1.1.3, < 2.0)
    rspec-mocks (2.14.6)

PLATFORMS
  ruby

DEPENDENCIES
  nagios_check!
  rake
  rspec (~> 2.14.0)
